GEM
  remote: https://rubygems.org/
  specs:
    liquid (4.0.3)
    liquid-c (4.0.0)
      liquid (>= 3.0.0)

PLATFORMS
  ruby

DEPENDENCIES
  liquid-c

BUNDLED WITH
   2.0.2
